GEM
  remote: https://rubygems.org/
  specs:
    activemodel (4.2.4)
      activesupport (= 4.2.4)
      builder (~> 3.1)
    activesupport (4.2.4)
      i18n (~> 0.7)
      json (~> 1.7, >= 1.7.7)
      minitest (~> 5.1)
      thread_safe (~> 0.3, >= 0.3.4)
      tzinfo (~> 1.1)
    beefcake (1.0.0)
    builder (3.2.2)
    byebug (5.0.0)
      columnize (= 0.9.0)
    coderay (1.1.0)
    collection-json (0.1.7)
    columnize (0.9.0)
    curator (0.11.2)
      activemodel (>= 3.0.0)
      activesupport (>= 3.0.0)
      json
      riak-client (~> 1.4.3)
    diff-lcs (1.2.5)
    httparty (0.13.5)
      json (~> 1.8)
      multi_xml (>= 0.5.2)
    i18n (0.7.0)
    innertube (1.0.2)
    json (1.8.3)
    method_source (0.8.2)
    minitest (5.8.0)
    multi_json (1.11.2)
    multi_xml (0.5.5)
    pry (0.10.1)
      coderay (~> 1.1.0)
      method_source (~> 0.8.1)
      slop (~> 3.4)
    pry-byebug (3.2.0)
      byebug (~> 5.0)
      pry (~> 0.10)
    rack (1.6.4)
    rack-protection (1.5.3)
      rack
    rack-test (0.6.3)
      rack (>= 1.0)
    rake (10.4.2)
    riak-client (1.4.5)
      beefcake (~> 1.0.0)
      builder (>= 2.1.2)
      i18n (>= 0.4.0)
      innertube (~> 1.0.2)
      multi_json (~> 1.0)
    rspec (3.3.0)
      rspec-core (~> 3.3.0)
      rspec-expectations (~> 3.3.0)
      rspec-mocks (~> 3.3.0)
    rspec-core (3.3.2)
      rspec-support (~> 3.3.0)
    rspec-expectations (3.3.1)
      diff-lcs (>= 1.2.0, < 2.0)
      rspec-support (~> 3.3.0)
    rspec-mocks (3.3.2)
      diff-lcs (>= 1.2.0, < 2.0)
      rspec-support (~> 3.3.0)
    rspec-support (3.3.0)
    sinatra (1.4.6)
      rack (~> 1.4)
      rack-protection (~> 1.4)
      tilt (>= 1.3, < 3)
    slop (3.6.0)
    thread_safe (0.3.5)
    tilt (2.0.1)
    tzinfo (1.2.2)
      thread_safe (~> 0.1)

PLATFORMS
  ruby

DEPENDENCIES
  collection-json
  curator
  httparty
  pry-byebug
  rack-test
  rake
  riak-client
  rspec
  sinatra

BUNDLED WITH
   1.11.2
